GEM
  remote: https://rubygems.org/
  specs:
    motion-flow (0.1.8)
    rake (12.0.0)

PLATFORMS
  ruby

DEPENDENCIES
  motion-flow
  rake

BUNDLED WITH
   1.14.6
